PATH
  remote: .
  specs:
    sumup-rack-rpc (0.0.15.1)
      builder (>= 2.1.2)
      rack (~> 1.4.5)

GEM
  remote: https://rubygems.org/
  specs:
    builder (3.1.4)
    diff-lcs (1.1.3)
    json (1.7.7)
    json (1.7.7-java)
    nokogiri (1.5.6)
    nokogiri (1.5.6-java)
    rack (1.4.5)
    rack-test (0.6.2)
      rack (>= 1.0)
    rake (10.0.3)
    rspec (2.12.0)
      rspec-core (~> 2.12.0)
      rspec-expectations (~> 2.12.0)
      rspec-mocks (~> 2.12.0)
    rspec-core (2.12.2)
    rspec-expectations (2.12.1)
      diff-lcs (~> 1.1.3)
    rspec-mocks (2.12.2)
    yard (0.8.4.1)

PLATFORMS
  java
  ruby

DEPENDENCIES
  json (~> 1.7.7)
  nokogiri (>= 1.4.4)
  rack-test (>= 0.5.6)
  rake
  rspec (>= 2.1.0)
  sumup-rack-rpc!
  yard (>= 0.6.0)
