PATH
  remote: .
  specs:
    sumup-rack-rpc (0.0.16.0)
      builder (>= 2.1.2)
      rack (~> 1.5.2)

GEM
  remote: https://rubygems.org/
  specs:
    builder (3.2.2)
    diff-lcs (1.2.5)
    json (1.7.7)
    mini_portile (0.5.2)
    nokogiri (1.6.1)
      mini_portile (~> 0.5.0)
    rack (1.5.2)
    rack-test (0.6.2)
      rack (>= 1.0)
    rake (10.1.1)
    rspec (2.14.1)
      rspec-core (~> 2.14.0)
      rspec-expectations (~> 2.14.0)
      rspec-mocks (~> 2.14.0)
    rspec-core (2.14.7)
    rspec-expectations (2.14.5)
      diff-lcs (>= 1.1.3, < 2.0)
    rspec-mocks (2.14.5)
    yard (0.8.7.3)

PLATFORMS
  ruby

DEPENDENCIES
  json (~> 1.7.7)
  nokogiri (>= 1.4.4)
  rack-test (>= 0.5.6)
  rake
  rspec (>= 2.1.0)
  sumup-rack-rpc!
  yard (>= 0.6.0)
